GEM
  remote: https://rubygems.org/
  specs:
    awesome_print (1.6.1)
    colorize (0.7.5)
    net-ssh (2.9.1)
    parallel (1.2.4)
    recursive-open-struct (0.5.0)
    thor (0.19.1)

PLATFORMS
  ruby

DEPENDENCIES
  awesome_print (~> 1.6.1)
  colorize (~> 0.7.5)
  net-ssh (~> 2.9.1)
  parallel (~> 1.2.0)
  recursive-open-struct (~> 0.5.0)
  thor (~> 0.19.1)
