GEM
  remote: https://rubygems.org/
  specs:
    colorize (0.7.4)
    net-ssh (2.9.1)
    parallel (1.2.4)
    recursive-open-struct (0.5.0)

PLATFORMS
  ruby

DEPENDENCIES
  colorize (~> 0.7.3)
  net-ssh (~> 2.9.1)
  parallel (~> 1.2.0)
  recursive-open-struct (~> 0.5.0)
